PATH
  remote: .
  specs:
    whiskey_disk (0.7.1.1)
      aws-sdk
      rake

GEM
  remote: https://rubygems.org/
  specs:
    addressable (2.3.7)
    aws-sdk (2.0.31)
      aws-sdk-resources (= 2.0.31)
    aws-sdk-core (2.0.31)
      builder (~> 3.0)
      jmespath (~> 1.0)
      multi_json (~> 1.0)
      multi_xml (~> 0.5)
    aws-sdk-resources (2.0.31)
      aws-sdk-core (= 2.0.31)
    bacon (1.1.0)
    builder (3.2.2)
    crack (0.4.2)
      safe_yaml (~> 1.0.0)
    extensions (0.6.0)
    facon (0.5.0)
    jmespath (1.0.2)
      multi_json (~> 1.0)
    multi_json (1.11.0)
    multi_xml (0.5.5)
    rake (0.9.6)
    safe_yaml (1.0.4)
    webmock (1.19.0)
      addressable (>= 2.3.6)
      crack (>= 0.3.2)

PLATFORMS
  ruby

DEPENDENCIES
  bacon (~> 1.1.0)
  extensions
  facon (~> 0.5.0)
  rake (~> 0.9)
  webmock
  whiskey_disk!
